GEM
  remote: https://rubygems.org/
  specs:
    activesupport (4.2.0)
      i18n (~> 0.7)
      json (~> 1.7, >= 1.7.7)
      minitest (~> 5.1)
      thread_safe (~> 0.3, >= 0.3.4)
      tzinfo (~> 1.1)
    attributor (2.5.0)
      hashie (~> 3)
      randexp (~> 0)
    diff-lcs (1.2.5)
    harness (2.0.0)
      statsd-ruby
    hashie (3.4.0)
    i18n (0.7.0)
    json (1.8.2)
    mime (0.4.2)
    minitest (5.5.1)
    mustermann (0.4.0)
      tool (~> 0.2)
    praxis (0.13.0)
      activesupport (>= 3)
      attributor (~> 2.5.0)
      harness (~> 2)
      mime (~> 0)
      mustermann (~> 0)
      praxis-blueprints (~> 1.2)
      praxis-mapper (~> 3.3)
      rack (~> 1)
      terminal-table (~> 1.4)
      thor (~> 0.18)
    praxis-blueprints (1.2.0)
      activesupport (>= 3)
      attributor (~> 2)
      randexp (~> 0)
    praxis-mapper (3.3)
      activesupport (>= 3)
      randexp (~> 0)
      sequel (~> 4)
    rack (1.6.0)
    rake (10.4.2)
    randexp (0.1.7)
    rspec (3.2.0)
      rspec-core (~> 3.2.0)
      rspec-expectations (~> 3.2.0)
      rspec-mocks (~> 3.2.0)
    rspec-core (3.2.0)
      rspec-support (~> 3.2.0)
    rspec-expectations (3.2.0)
      diff-lcs (>= 1.2.0, < 2.0)
      rspec-support (~> 3.2.0)
    rspec-mocks (3.2.0)
      diff-lcs (>= 1.2.0, < 2.0)
      rspec-support (~> 3.2.0)
    rspec-support (3.2.1)
    sequel (4.19.0)
    statsd-ruby (1.2.1)
    terminal-table (1.4.5)
    thor (0.19.1)
    thread_safe (0.3.4)
    tool (0.2.3)
    tzinfo (1.2.2)
      thread_safe (~> 0.1)

PLATFORMS
  ruby

DEPENDENCIES
  praxis
  rack (~> 1.0)
  rake
  rspec
